PATH
  remote: .
  specs:
    instore (0.0.1)
      httparty (~> 0.9.0)
      oauth2

GEM
  remote: http://rubygems.org/
  specs:
    addressable (2.3.2)
    coderay (1.0.8)
    crack (0.3.2)
    diff-lcs (1.1.3)
    faraday (0.8.5)
      multipart-post (~> 1.1)
    httparty (0.9.0)
      multi_json (~> 1.0)
      multi_xml
    httpauth (0.2.0)
    jwt (0.1.5)
      multi_json (>= 1.0)
    method_source (0.8.1)
    multi_json (1.5.0)
    multi_xml (0.5.2)
    multipart-post (1.1.5)
    oauth2 (0.8.0)
      faraday (~> 0.8)
      httpauth (~> 0.1)
      jwt (~> 0.1.4)
      multi_json (~> 1.0)
      rack (~> 1.2)
    pry (0.9.11.3)
      coderay (~> 1.0.5)
      method_source (~> 0.8)
      slop (~> 3.4)
    rack (1.5.1)
    rspec (2.12.0)
      rspec-core (~> 2.12.0)
      rspec-expectations (~> 2.12.0)
      rspec-mocks (~> 2.12.0)
    rspec-core (2.12.2)
    rspec-expectations (2.12.1)
      diff-lcs (~> 1.1.3)
    rspec-mocks (2.12.1)
    slop (3.4.3)
    vcr (2.4.0)
    webmock (1.9.0)
      addressable (>= 2.2.7)
      crack (>= 0.1.7)

PLATFORMS
  ruby

DEPENDENCIES
  instore!
  pry
  rspec
  vcr
  webmock
